PATH
  remote: .
  specs:
    flexible_polyline (0.0.1)

GEM
  remote: https://rubygems.org/
  specs:
    bigdecimal (3.0.0)
    docile (1.4.0)
    minitest (5.15.0)
    simplecov (0.21.2)
      docile (~> 1.1)
      simplecov-html (~> 0.11)
      simplecov_json_formatter (~> 0.1)
    simplecov-html (0.12.3)
    simplecov_json_formatter (0.1.4)

PLATFORMS
  ruby
  x86_64-linux

DEPENDENCIES
  bigdecimal
  flexible_polyline!
  minitest (~> 5.15)
  simplecov (~> 0.21.2)

BUNDLED WITH
   2.2.3
